GEM
  remote: https://rubygems.org/
  specs:
    activesupport (4.1.8)
      i18n (~> 0.6, >= 0.6.9)
      json (~> 1.7, >= 1.7.7)
      minitest (~> 5.1)
      thread_safe (~> 0.1)
      tzinfo (~> 1.1)
    backports (3.10.3)
    builder (3.2.3)
    business_time (0.7.6)
      activesupport (>= 3.1.0)
      tzinfo
    childprocess (0.8.0)
      ffi (~> 1.0, >= 1.0.11)
    concurrent-ruby (1.0.5)
    cucumber (3.0.1)
      builder (>= 2.1.2)
      cucumber-core (~> 3.0.0)
      cucumber-expressions (~> 4.0.3)
      cucumber-wire (~> 0.0.1)
      diff-lcs (~> 1.3)
      gherkin (~> 4.0)
      multi_json (>= 1.7.5, < 2.0)
      multi_test (>= 0.1.2)
    cucumber-core (3.0.0)
      backports (>= 3.8.0)
      cucumber-tag_expressions (>= 1.0.1)
      gherkin (>= 4.1.3)
    cucumber-expressions (4.0.4)
    cucumber-tag_expressions (1.0.1)
    cucumber-wire (0.0.1)
    debase (0.2.1)
      debase-ruby_core_source
    debase-ruby_core_source (0.10.0)
    diff-lcs (1.3)
    docile (1.1.5)
    ffi (1.9.18-x64-mingw32)
    ffi (1.9.18-x86-mingw32)
    gherkin (4.1.3)
    i18n (0.9.1)
      concurrent-ruby (~> 1.0)
    json (1.8.6)
    mini_portile2 (2.1.0)
    minitest (5.10.3)
    multi_json (1.12.2)
    multi_test (0.1.2)
    nokogiri (1.6.8-x64-mingw32)
      mini_portile2 (~> 2.1.0)
      pkg-config (~> 1.1.7)
    nokogiri (1.6.8-x86-mingw32)
      mini_portile2 (~> 2.1.0)
      pkg-config (~> 1.1.7)
    pkg-config (1.1.9)
    rake (11.3.0)
    require_all (1.4.0)
    rspec (3.7.0)
      rspec-core (~> 3.7.0)
      rspec-expectations (~> 3.7.0)
      rspec-mocks (~> 3.7.0)
    rspec-core (3.7.0)
      rspec-support (~> 3.7.0)
    rspec-expectations (3.7.0)
      diff-lcs (>= 1.2.0, < 2.0)
      rspec-support (~> 3.7.0)
    rspec-mocks (3.7.0)
      diff-lcs (>= 1.2.0, < 2.0)
      rspec-support (~> 3.7.0)
    rspec-support (3.7.0)
    rubyzip (1.2.1)
    selenium-webdriver (3.6.0)
      childprocess (~> 0.5)
      rubyzip (~> 1.0)
    simplecov (0.15.1)
      docile (~> 1.1.0)
      json (>= 1.8, < 3)
      simplecov-html (~> 0.10.0)
    simplecov-html (0.10.2)
    simplecov-rcov (0.2.3)
      simplecov (>= 0.4.1)
    slowhandcuke (0.0.3)
      cucumber
    thread_safe (0.3.6)
    tzinfo (1.2.4)
      thread_safe (~> 0.1)
    tzinfo-data (1.2016.7)
      tzinfo (>= 1.0.0)
    watir (6.8.0)
      selenium-webdriver (~> 3.4, >= 3.4.1)
    watir-launcher (1.0.6)
    watir-scroll (0.3.0)
      watir (>= 6.0)
    working_hours (1.1.2)
      activesupport (>= 3.2)
      tzinfo

PLATFORMS
  x64-mingw32
  x86-mingw32

DEPENDENCIES
  activesupport (= 4.1.8)
  business_time (= 0.7.6)
  cucumber (= 3.0.1)
  debase (= 0.2.1)
  nokogiri (= 1.6.8)
  rake (= 11.3.0)
  require_all
  rspec (= 3.7.0)
  selenium-webdriver (= 3.6.0)
  simplecov
  simplecov-rcov
  slowhandcuke (= 0.0.3)
  tzinfo-data (= 1.2016.7)
  watir (= 6.8.0)
  watir-launcher (= 1.0.6)
  watir-scroll (= 0.3.0)
  working_hours (= 1.1.2)

BUNDLED WITH
   1.16.1
